GEM
  remote: https://rubygems.org/
  specs:
    sqlite3 (1.5.4-arm64-darwin)
    sqlite3 (1.5.4-x86_64-linux)

PLATFORMS
  arm64-darwin-21
  x86_64-linux

DEPENDENCIES
  sqlite3

BUNDLED WITH
   2.3.25
